GEM
  remote: https://rubygems.org/
  specs:
    coderay (1.1.2)
    method_source (0.9.0)
    pry (0.11.3)
      coderay (~> 1.1.0)
      method_source (~> 0.9.0)
    redis (4.0.1)

PLATFORMS
  ruby

DEPENDENCIES
  pry
  redis

BUNDLED WITH
   1.16.3
